GEM
  remote: https://rubygems.org/
  specs:
    byebug (11.1.3)
    redcarpet (3.5.1)
    rouge (3.26.0)

PLATFORMS
  x86_64-darwin-20

DEPENDENCIES
  byebug
  redcarpet
  rouge

BUNDLED WITH
   2.2.3
